GEM
  remote: https://rubygems.org/
  specs:
    bundle-audit (0.1.0)
      bundler-audit
    bundler-audit (0.9.1)
      bundler (>= 1.2.0, < 3)
      thor (~> 1.0)
    foreman (0.87.2)
    minitest (5.18.0)
    mustermann (3.0.0)
      ruby2_keywords (~> 0.0.1)
    nio4r (2.5.9)
    puma (6.2.2)
      nio4r (~> 2.0)
    rack (2.2.7)
    rack-protection (3.0.6)
      rack
    rack-test (2.1.0)
      rack (>= 1.3)
    rake (13.0.6)
    ruby2_keywords (0.0.5)
    sinatra (3.0.6)
      mustermann (~> 3.0)
      rack (~> 2.2, >= 2.2.4)
      rack-protection (= 3.0.6)
      tilt (~> 2.0)
    thor (1.2.1)
    tilt (2.1.0)

PLATFORMS
  aarch64-linux

DEPENDENCIES
  bundle-audit
  foreman
  minitest
  puma
  rack-test
  rake
  sinatra

RUBY VERSION
   ruby 3.2.2p53

BUNDLED WITH
   2.4.10
